PATH
  remote: ../..
  specs:
    mini-rails (0.0.1)

GEM
  remote: https://rubygems.org/
  specs:
    sqlite3 (1.3.11)

PLATFORMS
  ruby

DEPENDENCIES
  mini-rails!
  sqlite3

BUNDLED WITH
   1.12.5
